REDIRECTS: ON
CONTENT: NONE
FRAMEWORK: NET452
NUGET
  remote: https://www.nuget.org/api/v2
    FSharp.Core (4.1)
      System.ValueTuple (>= 4.3)
    Microsoft.ApplicationInsights (2.2)
    Microsoft.ApplicationInsights.Agent.Intercept (2.0.7)
    Microsoft.ApplicationInsights.DependencyCollector (2.2)
      Microsoft.ApplicationInsights (2.2)
      Microsoft.ApplicationInsights.Agent.Intercept (>= 2.0.6)
    Microsoft.ApplicationInsights.PerfCounterCollector (2.2)
      Microsoft.ApplicationInsights (2.2)
    Microsoft.ApplicationInsights.WindowsServer (2.2)
      Microsoft.ApplicationInsights (2.2)
      Microsoft.ApplicationInsights.DependencyCollector (>= 2.2)
      Microsoft.ApplicationInsights.PerfCounterCollector (>= 2.2)
      Microsoft.ApplicationInsights.WindowsServer.TelemetryChannel (2.2)
    Microsoft.ApplicationInsights.WindowsServer.TelemetryChannel (2.2)
      Microsoft.ApplicationInsights (2.2)
    Suave (2.0.4)
      FSharp.Core (>= 4.0.0.1)
    System.ValueTuple (4.3)
