REDIRECTS: ON
CONTENT: NONE
FRAMEWORK: NET46
NUGET
  remote: https://www.nuget.org/api/v2
    FSharp.Core (4.1.2)
      System.ValueTuple (>= 4.3)
    Microsoft.ApplicationInsights (2.3)
    Microsoft.ApplicationInsights.Agent.Intercept (2.0.7)
    Microsoft.ApplicationInsights.DependencyCollector (2.3)
      Microsoft.ApplicationInsights (2.3)
      Microsoft.ApplicationInsights.Agent.Intercept (>= 2.0.7)
    Microsoft.ApplicationInsights.PerfCounterCollector (2.3)
      Microsoft.ApplicationInsights (2.3)
    Microsoft.ApplicationInsights.WindowsServer (2.3)
      Microsoft.ApplicationInsights (2.3)
      Microsoft.ApplicationInsights.DependencyCollector (>= 2.3)
      Microsoft.ApplicationInsights.PerfCounterCollector (>= 2.3)
      Microsoft.ApplicationInsights.WindowsServer.TelemetryChannel (2.3)
    Microsoft.ApplicationInsights.WindowsServer.TelemetryChannel (2.3)
      Microsoft.ApplicationInsights (2.3)
    Suave (2.1)
      FSharp.Core (>= 4.0.0.1)
    System.ValueTuple (4.3)
